GEM
  remote: https://rubygems.org/
  specs:
    activemodel (4.2.4)
      activesupport (= 4.2.4)
      builder (~> 3.1)
    activesupport (4.2.4)
      i18n (~> 0.7)
      json (~> 1.7, >= 1.7.7)
      minitest (~> 5.1)
      thread_safe (~> 0.3, >= 0.3.4)
      tzinfo (~> 1.1)
    builder (3.2.2)
    cf-uaa-lib (2.0.1)
      multi_json
    cfoundry (4.7.1)
      activemodel (>= 3.2.13, < 5.0.0)
      cf-uaa-lib (~> 2.0.0)
      multi_json (~> 1.7)
      multipart-post (~> 1.1)
      rubyzip (~> 0.9)
    i18n (0.7.0)
    json (1.8.3)
    minitest (5.8.1)
    moneta (0.8.0)
    multi_json (1.11.2)
    multipart-post (1.2.0)
    rubyzip (0.9.9)
    rufus-scheduler (3.1.7)
    thread_safe (0.3.5)
    tzinfo (1.2.2)
      thread_safe (~> 0.1)

PLATFORMS
  ruby

DEPENDENCIES
  cfoundry (= 4.7.1)
  moneta (= 0.8.0)
  rufus-scheduler (= 3.1.7)

BUNDLED WITH
   1.10.6
